PATH
  remote: .
  specs:
    dag (0.0.4)
      ruby-graphviz

GEM
  remote: http://rubygems.org/
  specs:
    abstract_type (0.0.7)
    adamantium (0.2.0)
      ice_nine (~> 0.11.0)
      memoizable (~> 0.4.0)
    anima (0.2.0)
      abstract_type (~> 0.0.7)
      adamantium (~> 0.1)
      equalizer (~> 0.0.8)
    ast (2.0.0)
    coderay (1.1.0)
    concord (0.1.5)
      adamantium (~> 0.2.0)
      equalizer (~> 0.0.9)
    diff-lcs (1.2.5)
    equalizer (0.0.9)
    ice_nine (0.11.1)
    json (1.7.7)
    memoizable (0.4.2)
      thread_safe (~> 0.3, >= 0.3.1)
    method_source (0.8.2)
    morpher (0.2.3)
      abstract_type (~> 0.0.7)
      adamantium (~> 0.2.0)
      anima (~> 0.2.0)
      ast (~> 2.0.0)
      concord (~> 0.1.4)
      equalizer (~> 0.0.9)
      ice_nine (~> 0.11.0)
      procto (~> 0.0.2)
    multi_json (1.7.3)
    mutant (0.7.5)
      abstract_type (~> 0.0.7)
      adamantium (~> 0.2.0)
      anima (~> 0.2.0)
      ast (~> 2.0)
      concord (~> 0.1.5)
      diff-lcs (~> 1.2)
      equalizer (~> 0.0.9)
      ice_nine (~> 0.11.1)
      memoizable (~> 0.4.2)
      morpher (~> 0.2.3)
      parallel (~> 1.3)
      parser (~> 2.2.0.2)
      procto (~> 0.0.2)
      unparser (~> 0.2.2)
    parallel (1.3.3)
    parser (2.2.0.2)
      ast (>= 1.1, < 3.0)
    procto (0.0.2)
    pry (0.10.1)
      coderay (~> 1.1.0)
      method_source (~> 0.8.1)
      slop (~> 3.4)
    rake (10.0.4)
    rspec (2.99.0)
      rspec-core (~> 2.99.0)
      rspec-expectations (~> 2.99.0)
      rspec-mocks (~> 2.99.0)
    rspec-core (2.99.2)
    rspec-expectations (2.99.2)
      diff-lcs (>= 1.1.3, < 2.0)
    rspec-mocks (2.99.3)
    ruby-graphviz (1.2.1)
    simplecov (0.7.1)
      multi_json (~> 1.0)
      simplecov-html (~> 0.7.1)
    simplecov-html (0.7.1)
    slop (3.6.0)
    thread_safe (0.3.4)
    unparser (0.2.2)
      abstract_type (~> 0.0.7)
      adamantium (~> 0.2.0)
      concord (~> 0.1.5)
      diff-lcs (~> 1.2.5)
      equalizer (~> 0.0.9)
      parser (~> 2.2.0.2)
      procto (~> 0.0.2)

PLATFORMS
  ruby

DEPENDENCIES
  dag!
  json
  mutant
  pry
  rake (~> 10.0.1)
  rspec (~> 2.12)
  simplecov
